GEM
  remote: https://rubygems.org/
  specs:
    addressable (2.3.8)
    censu (0.2.0)
    coderay (1.1.2)
    json (1.8.6)
    method_source (0.9.2)
    mime-types (1.25.1)
    oj (3.5.0)
    pretty_table (0.1.0)
    pry (0.12.2)
      coderay (~> 1.1.0)
      method_source (~> 0.9.0)
    rest-client (1.6.9)
      mime-types (~> 1.16)
    shodanz (1.0.6)
      json
      oj (= 3.5.0)
      unirest (= 1.1.2)
    unirest (1.1.2)
      addressable (~> 2.3.5)
      json (~> 1.8.1)
      rest-client (~> 1.6.7)

PLATFORMS
  ruby

DEPENDENCIES
  censu
  pretty_table
  pry
  shodanz

BUNDLED WITH
   2.0.1
